PATH
  remote: .
  specs:
    bootstrap-select-rails-turbolinks (0.2.0)
      bootstrap-select-rails (~> 1.12.4)

GEM
  remote: https://rubygems.org/
  specs:
    bootstrap-select-rails (1.12.4)
    rake (12.3.1)

PLATFORMS
  ruby

DEPENDENCIES
  bootstrap-select-rails-turbolinks!
  rake

BUNDLED WITH
   1.16.0
